GEM
  remote: https://rubygems.org/
  specs:
    airbrussh (1.3.0)
      sshkit (>= 1.6.1, != 1.7.0)
    aws-sdk (2.11.137)
      aws-sdk-resources (= 2.11.137)
    aws-sdk-core (2.11.137)
      aws-sigv4 (~> 1.0)
      jmespath (~> 1.0)
    aws-sdk-resources (2.11.137)
      aws-sdk-core (= 2.11.137)
    aws-sigv4 (1.0.3)
    capistrano (3.11.0)
      airbrussh (>= 1.0.0)
      i18n
      rake (>= 10.0.0)
      sshkit (>= 1.9.0)
    capistrano-env-config (0.3.0)
      capistrano (~> 3.0)
      dotenv (~> 2.0)
    capistrano-s3 (2.2.0)
      aws-sdk (~> 2.6)
      capistrano (>= 2)
      mime-types
    concurrent-ruby (1.0.5)
    dotenv (2.5.0)
    i18n (1.1.0)
      concurrent-ruby (~> 1.0)
    jmespath (1.6.1)
    mime-types (3.2.2)
      mime-types-data (~> 3.2015)
    mime-types-data (3.2018.0812)
    net-scp (1.2.1)
      net-ssh (>= 2.6.5)
    net-ssh (5.0.2)
    rake (12.3.1)
    sshkit (1.17.0)
      net-scp (>= 1.1.2)
      net-ssh (>= 2.8.0)

PLATFORMS
  ruby

DEPENDENCIES
  capistrano (~> 3.10)
  capistrano-env-config
  capistrano-s3

BUNDLED WITH
   1.14.6
